GEM
  remote: https://rubygems.org/
  specs:
    cassandra-driver (3.1.0)
      ione (~> 1.2)
    declarative (0.0.9)
    declarative-option (0.1.0)
    ione (1.2.4)
    multi_json (1.12.1)
    puma (3.8.2)
    rack (1.6.5)
    rack-protection (1.5.3)
      rack
    representable (3.0.3)
      declarative (< 0.1.0)
      declarative-option (< 0.2.0)
      uber (< 0.2.0)
    roar (1.1.0)
      representable (~> 3.0.0)
    sinatra (1.4.8)
      rack (~> 1.5)
      rack-protection (~> 1.4)
      tilt (>= 1.3, < 3)
    tilt (2.0.7)
    uber (0.1.0)

PLATFORMS
  ruby

DEPENDENCIES
  cassandra-driver
  multi_json
  puma
  roar
  sinatra
